GEM
  remote: https://rubygems.org/
  specs:
    ffi (1.9.10-x64-mingw32)
    rubyserial (0.2.4)
      ffi (~> 1.9.3)

PLATFORMS
  x64-mingw32

DEPENDENCIES
  rubyserial

BUNDLED WITH
   1.11.2
